GEM
  remote: http://rubygems.org/
  specs:
    bourbon (3.0.1)
      sass (>= 3.2.0)
      thor
    jsmin (1.0.1)
    rack (1.4.4)
    rack-protection (1.3.2)
      rack
    rack-test (0.6.2)
      rack (>= 1.0)
    sass (3.2.5)
    sinatra (1.3.3)
      rack (~> 1.3, >= 1.3.6)
      rack-protection (~> 1.2)
      tilt (~> 1.3, >= 1.3.3)
    sinatra-assetpack (0.1.2)
      jsmin
      rack-test
      sinatra
      tilt (>= 1.3.0)
    thor (0.16.0)
    tilt (1.3.3)

PLATFORMS
  ruby

DEPENDENCIES
  bourbon
  rack
  sass
  sinatra
  sinatra-assetpack
